GEM
  remote: https://rubygems.org/
  specs:
    coderay (1.1.1)
    dotenv (2.6.0)
    faraday (0.15.4)
      multipart-post (>= 1.2, < 3)
    json (1.8.6)
    method_source (0.8.2)
    multi_json (1.13.1)
    multipart-post (2.0.0)
    pp (0.1.1)
    pry (0.10.4)
      coderay (~> 1.1.0)
      method_source (~> 0.8.1)
      slop (~> 3.4)
    rack (1.6.5)
    rack-protection (1.5.3)
      rack
    shotgun (0.9.2)
      rack (>= 1.0)
    sinatra (1.4.8)
      rack (~> 1.5)
      rack-protection (~> 1.4)
      tilt (>= 1.3, < 3)
    slop (3.6.0)
    steam-api (1.1.0)
      faraday (~> 0.9)
      json (~> 1.7, >= 1.7.7)
      multi_json (~> 1.7, >= 1.7.7)
    steam_web_api (0.0.3)
      faraday (~> 0.9)
    tilt (2.0.6)

PLATFORMS
  ruby

DEPENDENCIES
  dotenv
  pp
  pry
  shotgun
  sinatra
  steam-api
  steam_web_api

BUNDLED WITH
   2.0.1
