GEM
  remote: https://rubygems.org/
  specs:
    coderay (1.1.1)
    dotenv (2.6.0)
    faraday (0.15.4)
      multipart-post (>= 1.2, < 3)
    json (1.8.6)
    method_source (0.8.2)
    multi_json (1.13.1)
    multipart-post (2.0.0)
    mustermann (2.0.2)
      ruby2_keywords (~> 0.0.1)
    pry (0.10.4)
      coderay (~> 1.1.0)
      method_source (~> 0.8.1)
      slop (~> 3.4)
    rack (2.2.4)
    rack-protection (2.2.3)
      rack
    ruby2_keywords (0.0.5)
    shotgun (0.9.2)
      rack (>= 1.0)
    sinatra (2.2.3)
      mustermann (~> 2.0)
      rack (~> 2.2)
      rack-protection (= 2.2.3)
      tilt (~> 2.0)
    slop (3.6.0)
    steam-api (1.1.0)
      faraday (~> 0.9)
      json (~> 1.7, >= 1.7.7)
      multi_json (~> 1.7, >= 1.7.7)
    steam_web_api (0.0.3)
      faraday (~> 0.9)
    tilt (2.0.11)

PLATFORMS
  ruby

DEPENDENCIES
  dotenv
  pry
  shotgun
  sinatra
  steam-api
  steam_web_api

BUNDLED WITH
   2.0.1
